GIT
  remote: https://github.com/michelson/lazy_high_charts.git
  revision: 18990d0b33f60a537f780ea6a060a3e328a7133e
  specs:
    lazy_high_charts (1.2.2)
      bundler (~> 1.0)

GIT
  remote: https://github.com/prawnpdf/prawn.git
  revision: 1f381080683944b08f24721a8b3dcfe4826edd6f
  specs:
    prawn (1.0.0.rc1)
      pdf-reader (>= 0.9.0, < 2.0)
      ttfunk (~> 1.0.3)

GIT
  remote: https://github.com/ryanb/nested_form.git
  revision: 531a97cb15f179a6cf05162b920a3d0d9c4f9e40
  specs:
    nested_form (0.2.3)

GEM
  remote: https://rubygems.org/
  specs:
    Ascii85 (1.0.2)
    Saikuro (1.1.0)
    actionmailer (3.2.8)
      actionpack (= 3.2.8)
      mail (~> 2.4.4)
    actionpack (3.2.8)
      activemodel (= 3.2.8)
      activesupport (= 3.2.8)
      builder (~> 3.0.0)
      erubis (~> 2.7.0)
      journey (~> 1.0.4)
      rack (~> 1.4.0)
      rack-cache (~> 1.2)
      rack-test (~> 0.6.1)
      sprockets (~> 2.1.3)
    activemodel (3.2.8)
      activesupport (= 3.2.8)
      builder (~> 3.0.0)
    activerecord (3.2.8)
      activemodel (= 3.2.8)
      activesupport (= 3.2.8)
      arel (~> 3.0.2)
      tzinfo (~> 0.3.29)
    activeresource (3.2.8)
      activemodel (= 3.2.8)
      activesupport (= 3.2.8)
    activesupport (3.2.8)
      i18n (~> 0.6)
      multi_json (~> 1.0)
    acts_as_list (0.1.8)
    acts_as_list-rails3 (0.0.4)
    arel (3.0.2)
    awesome_print (1.1.0)
    aws-sdk (1.6.9)
      httparty (~> 0.7)
      json (~> 1.4)
      nokogiri (>= 1.4.4)
      uuidtools (~> 2.1)
    bcrypt-ruby (3.0.1)
    best_in_place (1.1.2)
      jquery-rails
      rails (~> 3.1)
    bootstrap-sass (2.0.0)
    bson (1.7.0)
    bson_ext (1.7.0)
      bson (~> 1.7.0)
    builder (3.0.3)
    cancan (1.6.7)
    chronic (0.3.0)
    churn (0.0.24)
      chronic (>= 0.2.3)
      hirb
      json_pure
      main
      ruby_parser (~> 2.3)
      sexp_processor (~> 3.0)
    client_side_validations (3.2.0)
    client_side_validations-simple_form (1.5.0)
      client_side_validations (~> 3.2.0)
      simple_form (~> 1.5.0)
    cocaine (0.2.1)
    code_analyzer (0.2.0)
      sexp_processor
    coffee-rails (3.2.2)
      coffee-script (>= 2.2.0)
      railties (~> 3.2.0)
    coffee-script (2.2.0)
      coffee-script-source
      execjs
    coffee-script-source (1.3.3)
    colored (1.2)
    country-select (1.1.1)
    daemons (1.1.9)
    date_validator (0.6.3)
      activemodel (~> 3.0)
    delocalize (0.3.1)
      rails (>= 3.0)
    devise (1.4.9)
      bcrypt-ruby (~> 3.0)
      orm_adapter (~> 0.0.3)
      warden (~> 1.0.3)
    dynamic_form (1.1.4)
    erubis (2.7.0)
    eventmachine (1.0.0)
    execjs (1.4.0)
      multi_json (~> 1.0)
    flay (1.4.3)
      ruby_parser (~> 2.0)
      sexp_processor (~> 3.0)
    flog (2.5.3)
      ruby_parser (~> 2.0)
      sexp_processor (~> 3.0)
    gchartrb (0.8)
    googlecharts (1.6.8)
    hashery (2.0.1)
    hike (1.2.1)
    hirb (0.7.0)
    httparty (0.9.0)
      multi_json (~> 1.0)
      multi_xml
    i18n (0.6.1)
    journey (1.0.4)
    jquery-rails (2.1.3)
      railties (>= 3.1.0, < 5.0)
      thor (~> 0.14)
    jquery_datepicker (0.4)
    json (1.7.5)
    json_pure (1.7.5)
    libv8 (3.3.10.4)
    log_buddy (0.7.0)
    mail (2.4.4)
      i18n (>= 0.4.0)
      mime-types (~> 1.16)
      treetop (~> 1.4.8)
    main (4.7.1)
    metric_fu (2.1.1)
      Saikuro (>= 1.1.0)
      activesupport (>= 2.0.0)
      chronic (~> 0.3.0)
      churn (>= 0.0.7)
      flay (>= 1.2.1)
      flog (>= 2.3.0)
      rails_best_practices (>= 0.6.4)
      rcov (>= 0.8.3.3)
      reek (>= 1.2.6)
      roodi (>= 2.1.0)
      syntax
    metrical (0.1.0)
      metric_fu (~> 2.1.1)
      rcov (~> 0.9)
    mime-types (1.19)
    mongo (1.7.0)
      bson (~> 1.7.0)
    mongo_mapper (0.12.0)
      activemodel (~> 3.0)
      activesupport (~> 3.0)
      plucky (~> 0.5.2)
    multi_json (1.3.6)
    multi_xml (0.5.1)
    nifty-generators (0.4.6)
    nokogiri (1.5.5)
    orm_adapter (0.0.7)
    paperclip (2.7.0)
      activerecord (>= 2.3.0)
      activesupport (>= 2.3.2)
      cocaine (>= 0.0.2)
      mime-types
    pdf-reader (1.2.0)
      Ascii85 (~> 1.0.0)
      hashery (~> 2.0)
      ruby-rc4
    pdfkit (0.5.2)
    pg (0.14.1)
    plucky (0.5.2)
      mongo (~> 1.5)
    polyglot (0.3.3)
    prawn-layout (0.8.4)
    prawnto_2 (0.2.5)
      prawn (>= 0.6.0)
      rails (>= 3.1)
    progressbar (0.11.0)
    quiet_assets (1.0.1)
      railties (~> 3.1)
    rack (1.4.1)
    rack-cache (1.2)
      rack (>= 0.4)
    rack-ssl (1.3.2)
      rack
    rack-test (0.6.2)
      rack (>= 1.0)
    rails (3.2.8)
      actionmailer (= 3.2.8)
      actionpack (= 3.2.8)
      activerecord (= 3.2.8)
      activeresource (= 3.2.8)
      activesupport (= 3.2.8)
      bundler (~> 1.0)
      railties (= 3.2.8)
    rails_best_practices (1.11.1)
      activesupport
      awesome_print
      code_analyzer
      colored
      erubis
      i18n
      progressbar
    railties (3.2.8)
      actionpack (= 3.2.8)
      activesupport (= 3.2.8)
      rack-ssl (~> 1.3.2)
      rake (>= 0.8.7)
      rdoc (~> 3.4)
      thor (>= 0.14.6, < 2.0)
    rake (0.9.2.2)
    rcov (0.9.11)
    rdoc (3.12)
      json (~> 1.4)
    reek (1.2.12)
      ripper_ruby_parser (~> 0.0.7)
      ruby2ruby (~> 1.2.5)
      ruby_parser (~> 2.0)
      sexp_processor (~> 3.0)
    ripper_ruby_parser (0.0.8)
      sexp_processor (~> 3.0)
    roodi (2.1.0)
      ruby_parser
    ruby-rc4 (0.1.5)
    ruby2ruby (1.2.5)
      ruby_parser (~> 2.0)
      sexp_processor (~> 3.0)
    ruby_parser (2.3.1)
      sexp_processor (~> 3.0)
    sass (3.2.1)
    sass-rails (3.2.5)
      railties (~> 3.2.0)
      sass (>= 3.1.10)
      tilt (~> 1.3)
    sexp_processor (3.2.0)
    simple_form (1.5.0)
      actionpack (~> 3.0)
      activemodel (~> 3.0)
    simple_nested_form (1.1.1)
      simple_form (>= 1.3.0)
    sprockets (2.1.3)
      hike (~> 1.2)
      rack (~> 1.0)
      tilt (~> 1.1, != 1.3.0)
    sqlite3 (1.3.6)
    sqlite3-ruby (1.3.3)
      sqlite3 (>= 1.3.3)
    syntax (1.0.0)
    therubyracer (0.10.2)
      libv8 (~> 3.3.10)
    thin (1.3.1)
      daemons (>= 1.0.9)
      eventmachine (>= 0.12.6)
      rack (>= 1.0.0)
    thor (0.16.0)
    tilt (1.3.3)
    timeliness (0.3.7)
    treetop (1.4.11)
      polyglot
      polyglot (>= 0.3.1)
    ttfunk (1.0.3)
    tzinfo (0.3.33)
    uglifier (1.3.0)
      execjs (>= 0.3.0)
      multi_json (~> 1.0, >= 1.0.2)
    uuidtools (2.1.3)
    validates_timeliness (3.0.14)
      timeliness (~> 0.3.6)
    warden (1.0.6)
      rack (>= 1.0)
    wicked (0.2.0)
      activesupport (>= 3.0.7)
      rails (>= 3.0.7)
    will_paginate (3.0.3)

PLATFORMS
  ruby

DEPENDENCIES
  activemodel
  activesupport
  acts_as_list
  acts_as_list-rails3 (~> 0.0.4)
  aws-sdk
  best_in_place
  bootstrap-sass (= 2.0.0)
  bson_ext
  cancan (= 1.6.7)
  client_side_validations (~> 3.2.0.beta.3)
  client_side_validations-simple_form (~> 1.5.0.beta.2)
  cocaine (= 0.2.1)
  coffee-rails (~> 3.2.1)
  country-select
  date_validator (= 0.6.3)
  delocalize
  devise (~> 1.4.2)
  dynamic_form
  execjs
  gchartrb
  googlecharts
  jquery-rails
  jquery_datepicker
  json
  lazy_high_charts!
  log_buddy
  metric_fu
  metrical
  mongo_mapper
  nested_form!
  nifty-generators (>= 0.4.0)
  paperclip (= 2.7.0)
  pdfkit
  pg
  prawn!
  prawn-layout
  prawnto_2
  quiet_assets
  rails (= 3.2.8)
  sass-rails (~> 3.2.3)
  simple_form (= 1.5.0)
  simple_nested_form
  sqlite3
  sqlite3-ruby (= 1.3.3)
  therubyracer
  thin (= 1.3.1)
  uglifier (>= 1.0.3)
  validates_timeliness
  wicked
  will_paginate
